GEM
  specs:
    coderay (1.0.7)
    method_source (0.8)
    mini_magick (3.4)
      subexec (~> 0.2.1)
    plist (3.1.0)
    pry (0.9.10)
      coderay (~> 1.0.5)
      method_source (~> 0.8)
      slop (~> 3.3.1)
    rake (0.9.2.2)
    slop (3.3.3)
    subexec (0.2.2)

PLATFORMS
  ruby

DEPENDENCIES
  mini_magick
  plist
  pry
  rake
